PATH
  remote: .
  specs:
    voxelamming (0.3.0)
      faye-websocket (~> 0.11.3)

GEM
  remote: https://rubygems.org/
  specs:
    eventmachine (1.2.7)
    faye-websocket (0.11.3)
      eventmachine (>= 0.12.0)
      websocket-driver (>= 0.5.1)
    minitest (5.24.1)
    rake (13.2.1)
    websocket-driver (0.7.6)
      websocket-extensions (>= 0.1.0)
    websocket-extensions (0.1.5)

PLATFORMS
  arm64-darwin-23
  ruby

DEPENDENCIES
  minitest (~> 5.16)
  rake (~> 13.0)
  voxelamming!

BUNDLED WITH
   2.5.16
